GEM
  specs:
    haml (4.0.6)
      tilt
    sass (3.4.15)
    tilt (1.4.1)

PLATFORMS
  ruby

DEPENDENCIES
  haml (~> 4.0.6)
  sass (~> 3.4.15)
